GIT
  remote: https://github.com/Roman2K/utils-ruby.git
  revision: 336f390620cbbbb5861c73671078f6f25e2019c2
  specs:
    utils-ruby (0.1.0)

GEM
  remote: https://rubygems.org/
  specs:
    gist (5.1.0)
    minitest (5.14.0)

PLATFORMS
  ruby

DEPENDENCIES
  gist
  minitest
  utils-ruby!

BUNDLED WITH
   2.1.4
